GEM
  remote: http://rubygems.org/
  specs:
    CFPropertyList (2.2.8)
    activesupport (3.2.19)
      i18n (~> 0.6, >= 0.6.4)
      multi_json (~> 1.0)
    builder (3.2.2)
    claide (0.7.0)
    cocoapods (0.34.1)
      activesupport (>= 3.2.15, < 4)
      claide (~> 0.7.0)
      cocoapods-core (= 0.34.1)
      cocoapods-downloader (~> 0.7.1)
      cocoapods-plugins (~> 0.3.1)
      cocoapods-trunk (~> 0.2.0)
      cocoapods-try (~> 0.4.1)
      colored (~> 1.2)
      escape (~> 0.0.4)
      json_pure (~> 1.8)
      nap (~> 0.8)
      open4 (~> 1.3)
      xcodeproj (~> 0.19.2)
    cocoapods-core (0.34.1)
      activesupport (>= 3.2.15)
      fuzzy_match (~> 2.0.4)
      json_pure (~> 1.8)
      nap (~> 0.8.0)
    cocoapods-downloader (0.7.1)
    cocoapods-plugins (0.3.1)
      nap
    cocoapods-trunk (0.2.0)
      json_pure (~> 1.8)
      nap (>= 0.8)
      netrc
    cocoapods-try (0.4.1)
    colored (1.2)
    cucumber (1.3.17)
      builder (>= 2.1.2)
      diff-lcs (>= 1.1.3)
      gherkin (~> 2.12)
      multi_json (>= 1.7.5, < 2.0)
      multi_test (>= 0.1.1)
    diff-lcs (1.2.5)
    dnssd (2.0)
    escape (0.0.4)
    frank-cucumber (1.2.2)
      cucumber
      dnssd
      i18n
      json
      plist
      rspec (>= 2.0)
      sim_launcher (>= 0.4.6)
      thor
      xcodeproj (>= 0.5.3)
    fuzzy_match (2.0.4)
    gherkin (2.12.2)
      multi_json (~> 1.3)
    i18n (0.6.11)
    json (1.8.1)
    json_pure (1.8.1)
    multi_json (1.10.1)
    multi_test (0.1.1)
    nap (0.8.0)
    netrc (0.7.7)
    open4 (1.3.4)
    plist (3.1.0)
    rack (1.5.2)
    rack-protection (1.5.3)
      rack
    rspec (3.1.0)
      rspec-core (~> 3.1.0)
      rspec-expectations (~> 3.1.0)
      rspec-mocks (~> 3.1.0)
    rspec-core (3.1.5)
      rspec-support (~> 3.1.0)
    rspec-expectations (3.1.2)
      diff-lcs (>= 1.2.0, < 2.0)
      rspec-support (~> 3.1.0)
    rspec-mocks (3.1.2)
      rspec-support (~> 3.1.0)
    rspec-support (3.1.1)
    sim_launcher (0.4.11)
      sinatra
    sinatra (1.4.5)
      rack (~> 1.4)
      rack-protection (~> 1.4)
      tilt (~> 1.3, >= 1.3.4)
    thor (0.19.1)
    tilt (1.4.1)
    xcodeproj (0.19.2)
      CFPropertyList (~> 2.2)
      activesupport (~> 3.0)
      colored (~> 1.2)

PLATFORMS
  ruby

DEPENDENCIES
  cocoapods (= 0.34.1)
  frank-cucumber
  xcodeproj
